GEM
  remote: https://rubygems.org/
  specs:
    deep_merge (1.2.1)
    diplomat (2.3.3)
      deep_merge (~> 1.0, >= 1.0.1)
      faraday (>= 0.9, < 2.0.0)
    faraday (1.0.0)
      multipart-post (>= 1.2, < 3)
    multipart-post (2.1.1)
    net-ssh (5.2.0)
    net-ssh-gateway (2.0.0)
      net-ssh (>= 4.0.0)

PLATFORMS
  ruby

DEPENDENCIES
  diplomat (~> 2.3, >= 2.3.3)
  net-ssh-gateway (~> 2.0)

BUNDLED WITH
   2.0.2
